GEM
  remote: http://rubygems.org/
  specs:
    addressable (2.2.6)
    awesome_print (0.3.2)
    crack (0.1.8)
    diff-lcs (1.1.2)
    git (1.2.5)
    httparty (0.7.7)
      crack (= 0.1.8)
    jeweler (1.5.2)
      bundler (~> 1.0.0)
      git (>= 1.2.5)
      rake
    json (1.5.1)
    rake (0.8.7)
    rcov (0.9.9)
    rspec (2.3.0)
      rspec-core (~> 2.3.0)
      rspec-expectations (~> 2.3.0)
      rspec-mocks (~> 2.3.0)
    rspec-core (2.3.1)
    rspec-expectations (2.3.0)
      diff-lcs (~> 1.1.2)
    rspec-mocks (2.3.0)
    webmock (1.7.7)
      addressable (~> 2.2, > 2.2.5)
      crack (>= 0.1.7)
    yard (0.6.8)

PLATFORMS
  ruby

DEPENDENCIES
  awesome_print
  bundler (~> 1.0.0)
  httparty
  jeweler (~> 1.5.2)
  json
  rcov
  rspec (~> 2.3.0)
  webmock
  yard (~> 0.6.0)
