GEM
  remote: http://rubygems.org/
  specs:
    addressable (2.2.6)
    awesome_print (0.3.2)
    bluecloth (2.2.0)
    crack (0.1.8)
    diff-lcs (1.1.2)
    em-http-request (1.0.0)
      addressable (>= 2.2.3)
      em-socksify
      eventmachine (>= 1.0.0.beta.3)
      http_parser.rb (>= 0.5.2)
    em-socksify (0.1.0)
      eventmachine
    eventmachine (1.0.0.beta.4)
    git (1.2.5)
    http_parser.rb (0.5.3)
    jeweler (1.5.2)
      bundler (~> 1.0.0)
      git (>= 1.2.5)
      rake
    json (1.5.1)
    rake (0.8.7)
    rcov (0.9.9)
    rspec (2.3.0)
      rspec-core (~> 2.3.0)
      rspec-expectations (~> 2.3.0)
      rspec-mocks (~> 2.3.0)
    rspec-core (2.3.1)
    rspec-expectations (2.3.0)
      diff-lcs (~> 1.1.2)
    rspec-mocks (2.3.0)
    webmock (1.7.7)
      addressable (~> 2.2, > 2.2.5)
      crack (>= 0.1.7)
    yajl-ruby (1.1.0)
    yard (0.6.8)

PLATFORMS
  ruby

DEPENDENCIES
  awesome_print
  bluecloth
  bundler (~> 1.0.0)
  em-http-request
  eventmachine
  jeweler (~> 1.5.2)
  json
  rcov
  rspec (~> 2.3.0)
  webmock
  yajl-ruby
  yard (~> 0.6.0)
